GEM
  remote: http://rubygems.org/
  specs:
    crack (0.3.2)
    httparty (0.10.2)
      multi_json (~> 1.0)
      multi_xml (>= 0.5.2)
    multi_json (1.6.1)
    multi_xml (0.5.3)

PLATFORMS
  ruby

DEPENDENCIES
  crack
  httparty
